GEM
  remote: https://rubygems.org/
  specs:
    actionpack (6.1.7.4)
      actionview (= 6.1.7.4)
      activesupport (= 6.1.7.4)
      rack (~> 2.0, >= 2.0.9)
      rack-test (>= 0.6.3)
      rails-dom-testing (~> 2.0)
      rails-html-sanitizer (~> 1.0, >= 1.2.0)
    actionview (6.1.7.4)
      activesupport (= 6.1.7.4)
      builder (~> 3.1)
      erubi (~> 1.4)
      rails-dom-testing (~> 2.0)
      rails-html-sanitizer (~> 1.1, >= 1.2.0)
    activesupport (6.1.7.4)
      concurrent-ruby (~> 1.0, >= 1.0.2)
      i18n (>= 1.6, < 2)
      minitest (>= 5.1)
      tzinfo (~> 2.0)
      zeitwerk (~> 2.3)
    builder (3.2.4)
    concurrent-ruby (1.2.2)
    crass (1.0.6)
    daemons (1.4.1)
    dotenv (2.8.1)
    dotenv-rails (2.8.1)
      dotenv (= 2.8.1)
      railties (>= 3.2)
    erubi (1.12.0)
    ethon (0.16.0)
      ffi (>= 1.15.0)
    eventmachine (1.2.7)
    ffi (1.15.5)
    freeclimb (4.4.0)
      typhoeus (~> 1.0, >= 1.0.1)
    i18n (1.14.1)
      concurrent-ruby (~> 1.0)
    loofah (2.21.3)
      crass (~> 1.0.2)
      nokogiri (>= 1.12.0)
    method_source (1.0.0)
    minitest (5.18.1)
    mustermann (1.1.1)
      ruby2_keywords (~> 0.0.1)
    nokogiri (1.13.10-x86_64-darwin)
      racc (~> 1.4)
    racc (1.7.1)
    rack (2.2.7)
    rack-protection (2.2.0)
      rack
    rack-test (2.1.0)
      rack (>= 1.3)
    rails-dom-testing (2.1.1)
      activesupport (>= 5.0.0)
      minitest
      nokogiri (>= 1.6)
    rails-html-sanitizer (1.5.0)
      loofah (~> 2.19, >= 2.19.1)
    railties (6.1.7.4)
      actionpack (= 6.1.7.4)
      activesupport (= 6.1.7.4)
      method_source
      rake (>= 12.2)
      thor (~> 1.0)
    rake (13.0.6)
    ruby2_keywords (0.0.5)
    sinatra (2.2.0)
      mustermann (~> 1.0)
      rack (~> 2.2)
      rack-protection (= 2.2.0)
      tilt (~> 2.0)
    thin (1.8.1)
      daemons (~> 1.0, >= 1.0.9)
      eventmachine (~> 1.0, >= 1.0.4)
      rack (>= 1, < 3)
    thor (1.2.2)
    tilt (2.0.10)
    typhoeus (1.4.0)
      ethon (>= 0.9.0)
    tzinfo (2.0.6)
      concurrent-ruby (~> 1.0)
    zeitwerk (2.6.8)

PLATFORMS
  universal-darwin-22
  x86_64-darwin-21

DEPENDENCIES
  dotenv-rails
  freeclimb
  rake
  sinatra
  thin

BUNDLED WITH
   2.3.7
